PATH
  remote: /Users/blambeau/work/chefbe/devel/nib.js
  specs:
    nibjs (1.0.0)
      bundler (~> 1.0)
      quickl (~> 0.2.0)

PATH
  remote: .
  specs:
    wawjs (1.0.0)
      bundler (~> 1.0)
      json (>= 1.5.0)
      quickl (~> 0.2.0)
      sinatra (~> 1.1.0)

GEM
  remote: http://rubygems.org/
  specs:
    bluecloth (2.0.10)
    diff-lcs (1.1.2)
    json (1.5.1)
    quickl (0.2.0)
    rack (1.2.1)
    rack-test (0.5.7)
      rack (>= 1.0)
    rake (0.8.7)
    rspec (2.4.0)
      rspec-core (~> 2.4.0)
      rspec-expectations (~> 2.4.0)
      rspec-mocks (~> 2.4.0)
    rspec-core (2.4.0)
    rspec-expectations (2.4.0)
      diff-lcs (~> 1.1.2)
    rspec-mocks (2.4.0)
    sinatra (1.1.2)
      rack (~> 1.1)
      tilt (~> 1.2)
    tilt (1.2.2)
    wlang (0.10.1)
    yard (0.6.4)

PLATFORMS
  ruby

DEPENDENCIES
  bluecloth (~> 2.0.9)
  bundler (~> 1.0)
  json (>= 1.5.0)
  nibjs (~> 1.0.0)!
  quickl (~> 0.2.0)
  rack-test (~> 0.5)
  rake (~> 0.8.7)
  rspec (~> 2.4.0)
  sinatra (~> 1.1.0)
  wawjs!
  wlang (~> 0.10.1)
  yard (~> 0.6.4)
