PATH
  remote: /Users/blambeau/work/chefbe/devel/nib.js
  specs:
    nibjs (1.0.0)
      bundler (~> 1.0)
      quickl (~> 0.2.0)

PATH
  remote: /Users/blambeau/work/chefbe/devel/waw.js
  specs:
    wawjs (1.0.0)
      bundler (~> 1.0)
      json (>= 1.5.0)
      quickl (~> 0.2.0)
      sinatra (~> 1.1.0)

GEM
  remote: http://rubygems.org/
  specs:
    json (1.5.1)
    quickl (0.2.0)
    rack (1.2.1)
    rack-test (0.5.7)
      rack (>= 1.0)
    rake (0.8.7)
    sinatra (1.1.2)
      rack (~> 1.1)
      tilt (~> 1.2)
    tilt (1.2.2)

PLATFORMS
  ruby

DEPENDENCIES
  json
  nibjs!
  rack-test
  rake
  wawjs!
